GEM
  specs:
    coffee-script (2.4.1)
      coffee-script-source
      execjs
    coffee-script-source (1.9.1.1)
    execjs (2.6.0)
    jekyll-coffeescript (1.0.1)
      coffee-script (~> 2.2)

PLATFORMS
  ruby

DEPENDENCIES
  jekyll-coffeescript

BUNDLED WITH
   1.10.6
